GEM
  remote: https://rubygems.org/
  specs:
    coderay (1.1.1)
    cri (2.1.0)
    faster_xml_simple (0.5.0)
      libxml-ruby (>= 0.3.8.4)
    gosu (0.10.8)
    httpclient (2.8.3)
    json (2.0.2)
    libxml-ruby (2.9.0)
    method_source (0.8.2)
    mini_portile2 (2.1.0)
    net-github-upload (0.0.8)
      faster_xml_simple
      httpclient
      json
      nokogiri (>= 1.4.0)
    nokogiri (1.6.8.1)
      mini_portile2 (~> 2.1.0)
    ocra (1.3.6)
    pry (0.10.4)
      coderay (~> 1.1.0)
      method_source (~> 0.8.1)
      slop (~> 3.4)
    rake (0.9.2.2)
    releasy (0.2.2)
      cri (~> 2.1.0)
      net-github-upload (~> 0.0.8)
      ocra (~> 1.3.0)
      rake (~> 0.9.2.2)
      thor (~> 0.14.6)
    slop (3.6.0)
    thor (0.14.6)

PLATFORMS
  ruby

DEPENDENCIES
  gosu
  pry
  releasy

BUNDLED WITH
   1.13.6
